GEM
  remote: https://rubygems.org/
  specs:
    power_assert (1.1.3)
    rake (12.3.1)
    ruby_expect (1.7.4)
    test-unit (3.2.8)
      power_assert

PLATFORMS
  ruby

DEPENDENCIES
  rake
  ruby_expect
  test-unit

BUNDLED WITH
   1.16.4
