GEM
  remote: https://rubygems.org/
  specs:
    libconfig (0.0.1)
    power_assert (1.1.3)
    rack (2.0.5)
    rake (12.3.1)
    robocop (0.1.1)
      rack
    ruby_expect (1.7.4)
    test-unit (3.2.8)
      power_assert

PLATFORMS
  ruby

DEPENDENCIES
  libconfig
  rake
  robocop
  ruby_expect
  test-unit

BUNDLED WITH
   1.16.4
